GEM
  remote: https://rubygems.org/
  specs:
    domain_name (0.5.7)
      unf (~> 0.0.3)
    i18n (0.6.1)
    json (1.5.4)
    mail (2.5.3)
      i18n (>= 0.4.0)
      mime-types (~> 1.16)
      treetop (~> 1.4.8)
    mechanize (2.5.1)
      domain_name (~> 0.5, >= 0.5.1)
      mime-types (~> 1.17, >= 1.17.2)
      net-http-digest_auth (~> 1.1, >= 1.1.1)
      net-http-persistent (~> 2.5, >= 2.5.2)
      nokogiri (~> 1.4)
      ntlm-http (~> 0.1, >= 0.1.1)
      webrobots (~> 0.0, >= 0.0.9)
    metaclass (0.0.1)
    mime-types (1.20.1)
    mocha (0.13.2)
      metaclass (~> 0.0.1)
    net-http-digest_auth (1.2.1)
    net-http-persistent (2.8)
    nokogiri (1.5.6)
    ntlm-http (0.1.1)
    polyglot (0.3.3)
    prowl (0.1.3)
    redis (3.0.2)
    treetop (1.4.12)
      polyglot
      polyglot (>= 0.3.1)
    unf (0.0.5)
      unf_ext
    unf_ext (0.0.5)
    webrobots (0.0.13)

PLATFORMS
  ruby

DEPENDENCIES
  json
  mail
  mechanize
  mocha
  prowl
  redis
